PATH
  remote: .
  specs:
    digest-blake3 (0.37.0)

GEM
  remote: https://rubygems.org/
  specs:
    minitest (5.14.0)
    rake (13.0.1)

PLATFORMS
  ruby

DEPENDENCIES
  bundler
  digest-blake3!
  minitest (~> 5.0)
  rake

BUNDLED WITH
   1.17.3
