PATH
  remote: .
  specs:
    digest-blake3 (0.0.1)

GEM
  remote: https://rubygems.org/
  specs:
    minitest (5.14.0)
    rake (10.5.0)

PLATFORMS
  ruby

DEPENDENCIES
  bundler (~> 1.17)
  digest-blake3!
  minitest (~> 5.0)
  rake (~> 10.0)

BUNDLED WITH
   1.17.3
